GEM
  remote: https://rubygems.org/
  specs:
    comparateur (2.0.2)
      diff-lcs
      nokogiri
    concurrent-ruby (1.1.5)
    diff-lcs (1.3)
    mini_portile2 (2.5.1)
    nokogiri (1.11.5)
      mini_portile2 (~> 2.5.0)
      racc (~> 1.4)
    racc (1.5.2)

PLATFORMS
  ruby

DEPENDENCIES
  comparateur
  concurrent-ruby

BUNDLED WITH
   2.0.1
