GEM
  remote: https://rubygems.org/
  specs:
    comparateur (2.0.2)
      diff-lcs
      nokogiri
    concurrent-ruby (1.1.5)
    diff-lcs (1.3)
    mini_portile2 (2.4.0)
    nokogiri (1.10.3)
      mini_portile2 (~> 2.4.0)

PLATFORMS
  ruby

DEPENDENCIES
  comparateur
  concurrent-ruby

BUNDLED WITH
   2.0.1
