GEM
  remote: https://rubygems.org/
  specs:
    text (1.3.1)

PLATFORMS
  ruby

DEPENDENCIES
  text

BUNDLED WITH
   2.0.1
